GEM
  remote: https://rubygems.org/
  specs:
    coderay (1.1.0)
    marc (1.0.0)
      scrub_rb (>= 1.0.1, < 2)
      unf
    method_source (0.8.2)
    mini_portile2 (2.0.0)
    nokogiri (1.6.7.1)
      mini_portile2 (~> 2.0.0.rc2)
    openurl (1.0.0)
      marc
      scrub_rb (~> 1.0)
    pry (0.10.3)
      coderay (~> 1.1.0)
      method_source (~> 0.8.1)
      slop (~> 3.4)
    rake (10.5.0)
    require_all (1.3.3)
    scrub_rb (1.0.1)
    slop (3.6.0)
    unf (0.1.4)
      unf_ext
    unf_ext (0.0.7.1)

PLATFORMS
  ruby

DEPENDENCIES
  nokogiri
  openurl
  pry
  rake
  require_all

BUNDLED WITH
   1.11.2
